GEM
  remote: https://rubygems.org/
  specs:
    redcarpet (3.5.1)

PLATFORMS
  ruby

DEPENDENCIES
  redcarpet

BUNDLED WITH
   2.0.1
